PATH
  remote: .
  specs:
    simplenote_ruby (0.1.0)
      http-exceptions
      httparty
      uuid

GEM
  remote: https://rubygems.org/
  specs:
    diff-lcs (1.3)
    http-exceptions (0.1.2)
    httparty (0.21.0)
      mini_mime (>= 1.0.0)
      multi_xml (>= 0.5.2)
    macaddr (1.7.2)
      systemu (~> 2.6.5)
    mini_mime (1.1.2)
    multi_xml (0.6.0)
    rake (12.3.3)
    rspec (3.9.0)
      rspec-core (~> 3.9.0)
      rspec-expectations (~> 3.9.0)
      rspec-mocks (~> 3.9.0)
    rspec-core (3.9.1)
      rspec-support (~> 3.9.1)
    rspec-expectations (3.9.1)
      diff-lcs (>= 1.2.0, < 2.0)
      rspec-support (~> 3.9.0)
    rspec-mocks (3.9.1)
      diff-lcs (>= 1.2.0, < 2.0)
      rspec-support (~> 3.9.0)
    rspec-support (3.9.2)
    systemu (2.6.5)
    uuid (2.3.9)
      macaddr (~> 1.0)

PLATFORMS
  ruby

DEPENDENCIES
  rake (~> 12.0)
  rspec (~> 3.0)
  simplenote_ruby!

BUNDLED WITH
   2.1.4
